GEM
  remote: http://rubygems.org/
  specs:
    actionmailer (2.3.14)
      actionpack (= 2.3.14)
    actionpack (2.3.14)
      activesupport (= 2.3.14)
      rack (~> 1.1.0)
    activerecord (2.3.14)
      activesupport (= 2.3.14)
    activeresource (2.3.14)
      activesupport (= 2.3.14)
    activesupport (2.3.14)
    capistrano (2.12.0)
      highline
      net-scp (>= 1.0.0)
      net-sftp (>= 2.0.0)
      net-ssh (>= 2.0.14)
      net-ssh-gateway (>= 1.1.0)
    fastercsv (1.5.3)
    googlecharts (1.6.0)
    helperful (0.5.2)
    highline (1.6.11)
    mysql2 (0.2.7)
    net-scp (1.0.4)
      net-ssh (>= 1.99.1)
    net-sftp (2.0.5)
      net-ssh (>= 2.0.9)
    net-ssh (2.3.0)
    net-ssh-gateway (1.1.0)
      net-ssh (>= 1.99.1)
    newrelic_rpm (3.3.4.1)
    rack (1.1.3)
    rails (2.3.14)
      actionmailer (= 2.3.14)
      actionpack (= 2.3.14)
      activerecord (= 2.3.14)
      activeresource (= 2.3.14)
      activesupport (= 2.3.14)
      rake (>= 0.8.3)
    rails-settings (1.0.0)
    rake (0.9.2.2)
    recaptcha (0.3.4)
    unicode (0.1)
    will_paginate (2.3.16)

PLATFORMS
  ruby

DEPENDENCIES
  capistrano
  fastercsv (= 1.5.3)
  googlecharts (= 1.6.0)
  helperful (= 0.5.2)
  mysql2 (= 0.2.7)
  newrelic_rpm
  rails (= 2.3.14)
  rails-settings (= 1.0.0)
  recaptcha
  unicode (= 0.1)
  will_paginate (= 2.3.16)
